NUGET
  remote: https://nuget.org/api/v2
  specs:
    FAKE (3.27.6)
    Newtonsoft.Json (6.0.8)
    Octopus.Client (2.6.4.951)
      Newtonsoft.Json (>= 6.0.3)
      Sprache (>= 2.0.0.44)
    Sprache (2.0.0.45)
GITHUB
  remote: fsprojects/FSharp.TypeProviders.StarterPack
  specs:
    src/ProvidedTypes.fs (cf96cf990590da7082197452b1b544e26ebed472)
    src/ProvidedTypes.fsi (cf96cf990590da7082197452b1b544e26ebed472)